PATH
  remote: .
  specs:
    cbs (0.0.1)
      faraday (= 0.11.0)
      faraday_middleware (= 0.11.0)
      hashie (~> 3.5)

GEM
  remote: https://rubygems.org/
  specs:
    diff-lcs (1.2.4)
    faraday (0.11.0)
      multipart-post (>= 1.2, < 3)
    faraday_middleware (0.11.0)
      faraday (>= 0.7.4, < 1.0)
    hashie (3.5.5)
    multipart-post (2.0.0)
    rake (10.1.0)
    rspec (2.14.1)
      rspec-core (~> 2.14.0)
      rspec-expectations (~> 2.14.0)
      rspec-mocks (~> 2.14.0)
    rspec-core (2.14.5)
    rspec-expectations (2.14.2)
      diff-lcs (>= 1.1.3, < 2.0)
    rspec-mocks (2.14.3)
    yard (0.8.7)

PLATFORMS
  ruby

DEPENDENCIES
  cbs!
  rake
  rspec (>= 2.11)
  yard

RUBY VERSION
   ruby 2.2.3p173

BUNDLED WITH
   1.12.5
