PATH
  remote: .
  specs:
    cbs (0.0.1)
      faraday (= 0.11.0)
      faraday_middleware (= 0.11.0)
      hashie (~> 3.5)

GEM
  remote: https://rubygems.org/
  specs:
    addressable (2.5.0)
      public_suffix (~> 2.0, >= 2.0.2)
    crack (0.4.3)
      safe_yaml (~> 1.0.0)
    diff-lcs (1.3)
    faraday (0.11.0)
      multipart-post (>= 1.2, < 3)
    faraday_middleware (0.11.0)
      faraday (>= 0.7.4, < 1.0)
    hashdiff (0.3.2)
    hashie (3.5.5)
    multipart-post (2.0.0)
    public_suffix (2.0.5)
    rake (10.1.0)
    rspec (3.5.0)
      rspec-core (~> 3.5.0)
      rspec-expectations (~> 3.5.0)
      rspec-mocks (~> 3.5.0)
    rspec-core (3.5.4)
      rspec-support (~> 3.5.0)
    rspec-expectations (3.5.0)
      diff-lcs (>= 1.2.0, < 2.0)
      rspec-support (~> 3.5.0)
    rspec-mocks (3.5.0)
      diff-lcs (>= 1.2.0, < 2.0)
      rspec-support (~> 3.5.0)
    rspec-support (3.5.0)
    safe_yaml (1.0.4)
    vcr (3.0.3)
    webmock (2.3.2)
      addressable (>= 2.3.6)
      crack (>= 0.3.2)
      hashdiff
    yard (0.8.7)

PLATFORMS
  ruby

DEPENDENCIES
  cbs!
  rake
  rspec (~> 3.5)
  vcr (~> 3.0)
  webmock (~> 2.3)
  yard

RUBY VERSION
   ruby 2.2.3p173

BUNDLED WITH
   1.12.5
